GEM
  remote: https://rubygems.org/
  specs:
    concurrent-ruby (1.2.2)
    connection_pool (2.4.0)
    rack (3.0.7)
    redis (3.3.5)
    redis-client (0.14.1)
      connection_pool
    redis-namespace (1.5.2)
      redis (~> 3.0, >= 3.0.4)
    sidekiq (7.0.8)
      concurrent-ruby (< 2)
      connection_pool (>= 2.3.0)
      rack (>= 2.2.4)
      redis-client (>= 0.11.0)

PLATFORMS
  ruby

DEPENDENCIES
  redis-namespace
  sidekiq

BUNDLED WITH
   1.14.6
